GEM
  remote: https://rubygems.org/
  specs:
    dotenv (2.7.5)
    mustermann (1.0.3)
    rack (2.2.6.3)
    rack-protection (2.0.7)
      rack
    sinatra (2.0.7)
      mustermann (~> 1.0)
      rack (~> 2.0)
      rack-protection (= 2.0.7)
      tilt (~> 2.0)
    tilt (2.0.10)

PLATFORMS
  ruby
  x64-mingw32

DEPENDENCIES
  dotenv
  sinatra

BUNDLED WITH
   2.0.2
